GEM
  remote: http://rubygems.org/
  specs:
    haversine_distance (0.9.0)
    json (1.6.5)

PLATFORMS
  ruby

DEPENDENCIES
  haversine_distance
  json
